PATH
  remote: .
  specs:
    caml (0.1.0)

GEM
  remote: https://rubygems.org/
  specs:
    diff-lcs (1.6.1)
    rspec (3.13.0)
      rspec-core (~> 3.13.0)
      rspec-expectations (~> 3.13.0)
      rspec-mocks (~> 3.13.0)
    rspec-core (3.13.3)
      rspec-support (~> 3.13.0)
    rspec-expectations (3.13.3)
      diff-lcs (>= 1.2.0, < 2.0)
      rspec-support (~> 3.13.0)
    rspec-mocks (3.13.2)
      diff-lcs (>= 1.2.0, < 2.0)
      rspec-support (~> 3.13.0)
    rspec-support (3.13.2)
    safe_yaml (1.0.5)
    thor (1.3.2)

PLATFORMS
  arm64-darwin-24

DEPENDENCIES
  caml!
  rspec
  safe_yaml (~> 1.0, >= 1.0.5)
  thor (~> 1.0, >= 1.0.1)

BUNDLED WITH
   2.4.10
